GEM
  remote: https://rubygems.org/
  specs:
    ast (2.4.0)
    cairo (1.16.5)
      native-package-installer (>= 1.0.3)
      pkg-config (>= 1.2.2)
    cairo-gobject (3.4.3)
      cairo (>= 1.16.2)
      glib2 (= 3.4.3)
    classy_hash (0.2.1)
    game_icons (0.43.0.20191126)
    gdk_pixbuf2 (3.4.3)
      gio2 (= 3.4.3)
    gio2 (3.4.3)
      gobject-introspection (= 3.4.3)
    glib2 (3.4.3)
      native-package-installer (>= 1.0.3)
      pkg-config (>= 1.3.5)
    gobject-introspection (3.4.3)
      glib2 (= 3.4.3)
    highline (2.0.2)
    mercenary (0.3.6)
    mini_portile2 (2.4.0)
    native-package-installer (1.0.9)
    nokogiri (1.10.4-x64-mingw32)
      mini_portile2 (~> 2.4.0)
    pango (3.4.3)
      cairo-gobject (= 3.4.3)
      gobject-introspection (= 3.4.3)
    parallel (1.19.1)
    parser (2.7.1.2)
      ast (~> 2.4.0)
    pkg-config (1.4.1)
    rainbow (3.0.0)
    rexml (3.2.4)
    roo (2.8.2)
      nokogiri (~> 1)
      rubyzip (>= 1.2.1, < 2.0.0)
    rsvg2 (3.4.3)
      cairo-gobject (= 3.4.3)
      gdk_pixbuf2 (= 3.4.3)
    rubocop (0.83.0)
      parallel (~> 1.10)
      parser (>= 2.7.0.1)
      rainbow (>= 2.2.2, < 4.0)
      rexml
      ruby-progressbar (~> 1.7)
      unicode-display_width (>= 1.4.0, < 2.0)
    ruby-progressbar (1.10.1)
    rubyzip (1.3.0)
    squib (0.15.3)
      cairo (~> 1.16)
      classy_hash (= 0.2.1)
      gio2 (~> 3.4)
      gobject-introspection (~> 3.4)
      highline (= 2.0.2)
      mercenary (= 0.3.6)
      nokogiri (= 1.10.4)
      pango (~> 3.4)
      roo (= 2.8.2)
      rsvg2 (~> 3.4)
      ruby-progressbar (~> 1.10)
    unicode-display_width (1.7.0)

PLATFORMS
  x64-mingw32

DEPENDENCIES
  game_icons
  rubocop
  squib

BUNDLED WITH
   2.1.4
